GEM
  remote: http://rubygems.org/
  specs:
    mysql2 (0.3.18)
    sequel (4.20.0)

PLATFORMS
  ruby

DEPENDENCIES
  mysql2
  sequel
